GEM
  remote: https://rubygems.org/
  specs:
    async (1.29.0)
      console (~> 1.10)
      nio4r (~> 2.3)
      timers (~> 4.1)
    async-http (0.56.1)
      async (~> 1.25)
      async-io (~> 1.28)
      async-pool (~> 0.2)
      protocol-http (~> 0.22.0)
      protocol-http1 (~> 0.14.0)
      protocol-http2 (~> 0.14.0)
    async-io (1.30.2)
      async (~> 1.14)
    async-pool (0.3.5)
      async (~> 1.25)
    console (1.12.0)
      fiber-local
    fiber-local (1.0.0)
    hirb (0.7.3)
    mini_portile2 (2.5.1)
    nio4r (2.5.7)
    nokogiri (1.11.3)
      mini_portile2 (~> 2.5.0)
      racc (~> 1.4)
    progressbar (1.11.0)
    protocol-hpack (1.4.2)
    protocol-http (0.22.0)
    protocol-http1 (0.14.0)
      protocol-http (~> 0.22)
    protocol-http2 (0.14.2)
      protocol-hpack (~> 1.4)
      protocol-http (~> 0.18)
    racc (1.5.2)
    timers (4.3.3)

PLATFORMS
  ruby

DEPENDENCIES
  async-http
  hirb
  nokogiri
  progressbar

BUNDLED WITH
   2.1.4
