GEM
  remote: https://rubygems.org/
  specs:
    hirb (0.7.3)
    httparty (0.18.1)
      mime-types (~> 3.0)
      multi_xml (>= 0.5.2)
    mime-types (3.3.1)
      mime-types-data (~> 3.2015)
    mime-types-data (3.2021.0225)
    mini_portile2 (2.5.1)
    multi_xml (0.6.0)
    nokogiri (1.11.3)
      mini_portile2 (~> 2.5.0)
      racc (~> 1.4)
    progressbar (1.11.0)
    racc (1.5.2)

PLATFORMS
  ruby

DEPENDENCIES
  hirb
  httparty
  nokogiri
  progressbar

BUNDLED WITH
   2.1.4
